GEM
  remote: https://rubygems.org/
  specs:
    amq-protocol (2.2.0)
    bunny (2.7.1)
      amq-protocol (>= 2.2.0)
    bunny_burrow (1.5.2)
      bunny (~> 2.3)

PLATFORMS
  ruby

DEPENDENCIES
  bunny_burrow

BUNDLED WITH
   1.15.4
